PATH
  remote: .
  specs:
    transfermarkt (0.1.0)
      nokogiri
      pastel

GEM
  remote: https://rubygems.org/
  specs:
    coderay (1.1.2)
    equatable (0.5.0)
    method_source (0.9.2)
    mini_portile2 (2.6.1)
    nokogiri (1.12.5)
      mini_portile2 (~> 2.6.1)
      racc (~> 1.4)
    pastel (0.6.1)
      equatable (~> 0.5.0)
      tty-color (~> 0.3.0)
    pry (0.12.2)
      coderay (~> 1.1.0)
      method_source (~> 0.9.0)
    racc (1.5.2)
    rake (10.5.0)
    tty-color (0.3.0)

PLATFORMS
  ruby

DEPENDENCIES
  bundler (~> 2.0)
  pry
  rake (~> 10.0)
  transfermarkt!

BUNDLED WITH
   2.0.1
